STORAGE: NONE
RESTRICTION: || (== net5.0) (== netstandard2.0) (== netstandard2.1)
NUGET
  remote: https://api.nuget.org/v3/index.json
    FSharp.Control.AsyncSeq (3.0.5)
      FSharp.Core (>= 4.3.2)
      Microsoft.Bcl.AsyncInterfaces (>= 5.0) - restriction: || (&& (== net5.0) (< netstandard2.1)) (== netstandard2.0)
    FSharp.Core (5.0.2)
    FsUnit (4.0.6)
      FSharp.Core (>= 4.7.2)
      NETStandard.Library (>= 2.0.3)
      NUnit (>= 3.13.2 < 3.14)
    Microsoft.Bcl.AsyncInterfaces (5.0) - restriction: || (&& (== net5.0) (< netstandard2.1)) (== netstandard2.0)
      System.Threading.Tasks.Extensions (>= 4.5.4) - restriction: || (&& (== net5.0) (>= net461)) (&& (== net5.0) (< netcoreapp2.1) (< netstandard2.1)) (== netstandard2.0) (&& (== netstandard2.1) (>= net461))
    Microsoft.CodeCoverage (16.11) - restriction: || (== net5.0) (&& (== netstandard2.0) (>= net45)) (&& (== netstandard2.0) (>= netcoreapp1.0)) (&& (== netstandard2.1) (>= net45)) (&& (== netstandard2.1) (>= netcoreapp1.0))
    Microsoft.NET.Test.Sdk (16.11)
      Microsoft.CodeCoverage (>= 16.11) - restriction: || (== net5.0) (&& (== netstandard2.0) (>= net45)) (&& (== netstandard2.0) (>= netcoreapp1.0)) (&& (== netstandard2.1) (>= net45)) (&& (== netstandard2.1) (>= netcoreapp1.0))
      Microsoft.TestPlatform.TestHost (>= 16.11) - restriction: || (== net5.0) (&& (== netstandard2.0) (>= netcoreapp1.0)) (&& (== netstandard2.1) (>= netcoreapp1.0))
    Microsoft.NETCore.Platforms (5.0.2)
    Microsoft.TestPlatform.ObjectModel (16.11) - restriction: || (== net5.0) (&& (== netstandard2.0) (>= netcoreapp1.0)) (&& (== netstandard2.1) (>= netcoreapp1.0))
      NuGet.Frameworks (>= 5.0)
      System.Reflection.Metadata (>= 1.6)
    Microsoft.TestPlatform.TestHost (16.11) - restriction: || (== net5.0) (&& (== netstandard2.0) (>= netcoreapp1.0)) (&& (== netstandard2.1) (>= netcoreapp1.0))
      Microsoft.TestPlatform.ObjectModel (>= 16.11) - restriction: || (== net5.0) (&& (== netstandard2.0) (>= netcoreapp1.0)) (&& (== netstandard2.0) (>= uap10.0)) (&& (== netstandard2.1) (>= netcoreapp1.0)) (&& (== netstandard2.1) (>= uap10.0))
      Newtonsoft.Json (>= 9.0.1) - restriction: || (== net5.0) (&& (== netstandard2.0) (>= netcoreapp1.0)) (&& (== netstandard2.0) (>= uap10.0)) (&& (== netstandard2.1) (>= netcoreapp1.0)) (&& (== netstandard2.1) (>= uap10.0))
    NETStandard.Library (2.0.3)
      Microsoft.NETCore.Platforms (>= 1.1)
    Newtonsoft.Json (13.0.1) - restriction: || (== net5.0) (&& (== netstandard2.0) (>= netcoreapp1.0)) (&& (== netstandard2.1) (>= netcoreapp1.0))
    NuGet.Frameworks (5.11) - restriction: || (== net5.0) (&& (== netstandard2.0) (>= netcoreapp1.0)) (&& (== netstandard2.0) (>= netcoreapp2.1)) (&& (== netstandard2.1) (>= netcoreapp1.0)) (&& (== netstandard2.1) (>= netcoreapp2.1))
    NUnit (3.13.2)
      NETStandard.Library (>= 2.0)
    NUnit3TestAdapter (4.0)
    System.Reflection.Metadata (5.0) - restriction: || (== net5.0) (&& (== netstandard2.0) (>= netcoreapp1.0)) (&& (== netstandard2.0) (>= netcoreapp2.1)) (&& (== netstandard2.1) (>= netcoreapp1.0)) (&& (== netstandard2.1) (>= netcoreapp2.1))
    System.Runtime.CompilerServices.Unsafe (5.0) - restriction: || (&& (== net5.0) (>= net461)) (&& (== net5.0) (< netcoreapp2.1) (< netstandard2.1)) (&& (== net5.0) (< netstandard1.0)) (&& (== net5.0) (< netstandard2.0)) (&& (== net5.0) (>= wp8)) (== netstandard2.0)
    System.Threading.Tasks.Extensions (4.5.4) - restriction: || (&& (== net5.0) (>= net461)) (&& (== net5.0) (< netcoreapp2.1) (< netstandard2.1)) (== netstandard2.0)
      System.Runtime.CompilerServices.Unsafe (>= 4.5.3) - restriction: || (&& (== net5.0) (>= net461)) (&& (== net5.0) (< netcoreapp2.1)) (&& (== net5.0) (< netstandard1.0)) (&& (== net5.0) (< netstandard2.0)) (&& (== net5.0) (>= wp8)) (== netstandard2.0) (== netstandard2.1)
